GEM
  remote: https://rubygems.org/
  specs:
    builder (3.0.0)
    daemons (1.1.9)
    eventmachine (0.12.10)
    foreman (0.57.0)
      thor (>= 0.13.6)
    geminabox (0.7.0)
      builder
      httpclient
      sinatra
    httpclient (2.2.7)
    rack (1.4.1)
    rack-protection (1.2.0)
      rack
    sinatra (1.3.3)
      rack (~> 1.3, >= 1.3.6)
      rack-protection (~> 1.2)
      tilt (~> 1.3, >= 1.3.3)
    thin (1.4.1)
      daemons (>= 1.0.9)
      eventmachine (>= 0.12.6)
      rack (>= 1.0.0)
    thor (0.16.0)
    tilt (1.3.3)

PLATFORMS
  ruby

DEPENDENCIES
  foreman
  geminabox
  thin
